GIT
  remote: git://github.com/tooky/charlock_holmes.git
  revision: f2ac0461f39397b863e4bf5c7fecb0602b9439ab
  branch: bundle-icu
  specs:
    charlock_holmes (0.6.13)

GEM
  remote: https://rubygems.org/
  specs:
    diff-lcs (1.2.5)
    github-markdown (0.6.5)
    github-markup (1.1.2)
      posix-spawn (~> 0.3.8)
    gitlab-grit (2.6.5)
      charlock_holmes (~> 0.6)
      diff-lcs (~> 1.1)
      mime-types (~> 1.15)
      posix-spawn (~> 0.3)
    gollum (3.0.0)
      github-markdown (~> 0.6.5)
      gollum-lib (~> 3.0)
      mustache (>= 0.99.5, < 1.0.0)
      sinatra (~> 1.4, >= 1.4.4)
      useragent (~> 0.10.0)
    gollum-lib (3.0.0)
      github-markup (~> 1.1.0)
      gitlab-grit (~> 2.6.5)
      nokogiri (~> 1.6.1)
      rouge (~> 1.3.3)
      sanitize (~> 2.1.0)
      stringex (~> 2.5.1)
    mime-types (1.25.1)
    mini_portile (0.5.3)
    mustache (0.99.5)
    nokogiri (1.6.1)
      mini_portile (~> 0.5.0)
    posix-spawn (0.3.8)
    rack (1.5.2)
    rack-protection (1.5.3)
      rack
    rake (10.1.0)
    rouge (1.3.3)
    sanitize (2.1.0)
      nokogiri (>= 1.4.4)
    sinatra (1.4.5)
      rack (~> 1.4)
      rack-protection (~> 1.4)
      tilt (~> 1.3, >= 1.3.4)
    stringex (2.5.2)
    tilt (1.4.1)
    useragent (0.10.0)

PLATFORMS
  ruby

DEPENDENCIES
  charlock_holmes!
  gollum
  rack
  rake
